FRAMEWORK: NET45
NUGET
  remote: https://www.nuget.org/api/v2
    Newtonsoft.Json (9.0.1)
